GEM
  remote: http://rubygems.org/
  specs:
    diff-lcs (1.1.3)
    git (1.2.5)
    jeweler (1.8.4)
      bundler (~> 1.0)
      git (>= 1.2.5)
      rake
      rdoc
    json (1.7.5)
    murmurhash3 (0.1.3)
    rake (0.9.2.2)
    rdoc (3.12)
      json (~> 1.4)
    redis (3.2.2)
    rspec (2.11.0)
      rspec-core (~> 2.11.0)
      rspec-expectations (~> 2.11.0)
      rspec-mocks (~> 2.11.0)
    rspec-core (2.11.1)
    rspec-expectations (2.11.3)
      diff-lcs (~> 1.1.3)
    rspec-mocks (2.11.2)
    timecop (0.5.3)

PLATFORMS
  ruby

DEPENDENCIES
  jeweler (~> 1.8.4)
  murmurhash3 (~> 0.1.3)
  rake (~> 0.9.2.2)
  redis (~> 3.2.0)
  rspec (~> 2.11.0)
  timecop (~> 0.5.3)

BUNDLED WITH
   1.12.5
